GEM
  remote: http://rubygems.org/
  specs:
    albino (1.3.3)
      posix-spawn (>= 0.3.6)
    classifier (1.3.3)
      fast-stemmer (>= 1.0.0)
    directory_watcher (1.5.1)
    fast-stemmer (1.0.2)
    jekyll (0.7.0)
      classifier (>= 1.3.1)
      directory_watcher (>= 1.1.1)
      liquid (>= 1.9.0)
      maruku (>= 0.5.9)
    liquid (2.1.3)
    maruku (0.6.1)
      syntax (>= 1.0.0)
    posix-spawn (0.3.6)
    rack (1.5.2)
    rack-jekyll (0.3.5)
      jekyll
      rack
    redcarpet (2.2.2)
    syntax (1.0.0)

PLATFORMS
  ruby

DEPENDENCIES
  albino
  jekyll (~> 0.7.0)
  liquid (= 2.1.3)
  rack-jekyll
  redcarpet

BUNDLED WITH
   1.10.3
