GIT
  remote: git://github.com/rhomobile/rhomobile-nav.git
  revision: 346cd94c2a3da08752fcae860eb7da8d654533d4
  specs:
    rhomobile-nav (0.0.31)

GEM
  remote: http://rubygems.org/
  specs:
    classifier (1.3.3)
      fast-stemmer (>= 1.0.0)
    directory_watcher (1.3.2)
    fast-stemmer (1.0.0)
    jekyll (0.7.0)
      classifier (>= 1.3.1)
      directory_watcher (>= 1.1.1)
      liquid (>= 1.9.0)
      maruku (>= 0.5.9)
    liquid (2.1.3)
    maruku (0.6.0)
      syntax (>= 1.0.0)
    rack (1.2.1)
    rack-jekyll (0.3.5)
      jekyll
      rack
    rdiscount (1.6.5)
    syntax (1.0.0)

PLATFORMS
  ruby

DEPENDENCIES
  jekyll
  liquid (= 2.1.3)
  rack-jekyll
  rdiscount
  rhomobile-nav (= 0.0.31)!
