GIT
  remote: https://github.com/rhomobile/rhomobile-nav.git
  revision: f09683c96cd631eaf5a12cded1da1049d68c7150
  specs:
    rhomobile-nav (0.0.35)

GEM
  remote: http://rubygems.org/
  specs:
    albino (1.3.3)
      posix-spawn (>= 0.3.6)
    classifier (1.3.3)
      fast-stemmer (>= 1.0.0)
    directory_watcher (1.4.1)
    fast-stemmer (1.0.1)
    jekyll (0.6.2)
      classifier (>= 1.3.1)
      directory_watcher (>= 1.1.1)
      liquid (>= 1.9.0)
      maruku (>= 0.5.9)
    liquid (2.1.3)
    maruku (0.6.0)
      syntax (>= 1.0.0)
    posix-spawn (0.3.6)
    rack (1.2.5)
    rack-jekyll (0.3.7)
      jekyll (~> 0.6.2)
      rack (~> 1.2.1)
    redcarpet (2.1.1)
    syntax (1.0.0)

PLATFORMS
  ruby

DEPENDENCIES
  albino
  jekyll
  liquid (= 2.1.3)
  rack-jekyll
  redcarpet
  rhomobile-nav!
